PATH
  remote: .
  specs:
    oozie-client (0.2.1)
      builder
      rest-client

GEM
  remote: https://rubygems.org/
  specs:
    builder (3.0.3)
    mime-types (1.19)
    rest-client (1.6.7)
      mime-types (>= 1.16)

PLATFORMS
  ruby

DEPENDENCIES
  oozie-client!
